GIT
  remote: https://github.com/dmerrick/middleman-images.git
  revision: 1bc654b95429dde4dae9eeac968c9dbc50521147
  specs:
    middleman-images (0.0.1)
      image_optim (>= 0.24.2)
      middleman-core (>= 4.2.1)
      mini_magick (>= 4.7.0)

GEM
  remote: https://rubygems.org/
  specs:
    activesupport (6.1.3.2)
      concurrent-ruby (~> 1.0, >= 1.0.2)
      i18n (>= 1.6, < 2)
      minitest (>= 5.1)
      tzinfo (~> 2.0)
      zeitwerk (~> 2.3)
    addressable (2.7.0)
      public_suffix (>= 2.0.2, < 5.0)
    awesome_print (1.8.0)
    aws-sdk (1.67.0)
      aws-sdk-v1 (= 1.67.0)
    aws-sdk-v1 (1.67.0)
      json (~> 1.4)
      nokogiri (~> 1)
    backports (3.21.0)
    builder (3.2.4)
    coderay (1.1.3)
    coffee-script (2.4.1)
      coffee-script-source
      execjs
    coffee-script-source (1.12.2)
    colored (1.2)
    concurrent-ruby (1.1.9)
    configure-s3-website (1.5.5)
      deep_merge (= 1.0.0)
    contracts (0.13.0)
    deep_merge (1.0.0)
    dotenv (2.7.5)
    em-websocket (0.5.1)
      eventmachine (>= 0.12.9)
      http_parser.rb (~> 0.6.0)
    erubis (2.7.0)
    eventmachine (1.2.7)
    execjs (2.8.1)
    exifr (1.3.6)
    fast_blank (1.0.0)
    fastimage (2.2.4)
    ffi (1.15.3)
    filey-diff (2.0.0)
    fspath (3.1.2)
    haml (5.2.1)
      temple (>= 0.8.0)
      tilt
    hamster (3.0.0)
      concurrent-ruby (~> 1.0)
    hashie (3.6.0)
    htmlcompressor (0.2.0)
    http_parser.rb (0.6.0)
    i18n (1.6.0)
      concurrent-ruby (~> 1.0)
    image_optim (0.26.5)
      exifr (~> 1.2, >= 1.2.2)
      fspath (~> 3.0)
      image_size (>= 1.5, < 3)
      in_threads (~> 1.3)
      progress (~> 3.0, >= 3.0.1)
    image_optim_pack (0.6.0.20200215)
      fspath (>= 2.1, < 4)
      image_optim (~> 0.19)
    image_size (2.0.2)
    in_threads (1.5.4)
    json (1.8.6)
    kramdown (2.3.1)
      rexml
    listen (3.0.8)
      rb-fsevent (~> 0.9, >= 0.9.4)
      rb-inotify (~> 0.9, >= 0.9.7)
    memoist (0.16.2)
    method_source (1.0.0)
    middleman (4.4.0)
      coffee-script (~> 2.2)
      haml (>= 4.0.5)
      kramdown (>= 2.3.0)
      middleman-cli (= 4.4.0)
      middleman-core (= 4.4.0)
    middleman-blog (4.0.3)
      addressable (~> 2.3)
      middleman-core (>= 4.0.0)
      tzinfo (>= 0.3.0)
    middleman-cli (4.4.0)
      thor (>= 0.17.0, < 2.0)
    middleman-core (4.4.0)
      activesupport (>= 6.1, < 7.0)
      addressable (~> 2.4)
      backports (~> 3.6)
      bundler (~> 2.0)
      contracts (~> 0.13.0)
      dotenv
      erubis
      execjs (~> 2.0)
      fast_blank
      fastimage (~> 2.0)
      hamster (~> 3.0)
      hashie (~> 3.4)
      i18n (~> 1.6.0)
      listen (~> 3.0.0)
      memoist (~> 0.14)
      padrino-helpers (~> 0.15.0)
      parallel
      rack (>= 1.4.5, < 3)
      sassc (~> 2.0)
      servolux
      tilt (~> 2.0.9)
      toml
      uglifier (~> 3.0)
      webrick
    middleman-livereload (3.4.6)
      em-websocket (~> 0.5.1)
      middleman-core (>= 3.3)
      rack-livereload (~> 0.3.15)
    middleman-minify-html (3.4.1)
      htmlcompressor (~> 0.2.0)
      middleman-core (>= 3.2)
    middleman-ogp (1.4.0)
      middleman-core (>= 4.0)
    middleman-pry (1.0.2)
      middleman (>= 3.3, < 5)
      pry (~> 0.9)
    middleman-search_engine_sitemap (1.4.0)
      builder
      middleman-core (~> 4.0)
    middleman-syntax (3.2.0)
      middleman-core (>= 3.2)
      rouge (~> 3.2)
    middleman-title (1.0.0)
      middleman-core (>= 4.0)
    mime-types (1.25.1)
    mini_magick (4.10.1)
    mini_portile2 (2.5.0)
    minitest (5.14.4)
    nokogiri (1.11.3)
      mini_portile2 (~> 2.5.0)
      racc (~> 1.4)
    padrino-helpers (0.15.1)
      i18n (>= 0.6.7, < 2)
      padrino-support (= 0.15.1)
      tilt (>= 1.4.1, < 3)
    padrino-support (0.15.1)
    parallel (1.20.1)
    parslet (2.0.0)
    progress (3.5.2)
    pry (0.13.1)
      coderay (~> 1.1)
      method_source (~> 1.0)
    public_suffix (4.0.6)
    racc (1.5.2)
    rack (2.2.3)
    rack-livereload (0.3.17)
      rack
    rb-fsevent (0.11.0)
    rb-inotify (0.10.1)
      ffi (~> 1.0)
    redcarpet (3.5.0)
    rexml (3.2.5)
    rouge (3.20.0)
    s3_website (1.7.6)
      aws-sdk (~> 1)
      configure-s3-website (= 1.5.5)
      erubis (~> 2.7.0)
      filey-diff (~> 2.0.0)
      mime-types (~> 1)
      simple-cloudfront-invalidator (~> 1)
      thor (= 0.18.1)
      zopfli (~> 0.0.3)
    sassc (2.4.0)
      ffi (~> 1.9)
    servolux (0.13.0)
    simple-cloudfront-invalidator (1.1.0)
      colored (= 1.2)
    temple (0.8.2)
    thor (0.18.1)
    tilt (2.0.10)
    toml (0.3.0)
      parslet (>= 1.8.0, < 3.0.0)
    tzinfo (2.0.4)
      concurrent-ruby (~> 1.0)
    uglifier (3.2.0)
      execjs (>= 0.3.0, < 3)
    webrick (1.7.0)
    zeitwerk (2.4.2)
    zopfli (0.0.7)

PLATFORMS
  ruby

DEPENDENCIES
  awesome_print
  builder
  dotenv
  image_optim_pack
  middleman (~> 4.4)
  middleman-blog
  middleman-images!
  middleman-livereload
  middleman-minify-html
  middleman-ogp
  middleman-pry
  middleman-search_engine_sitemap
  middleman-syntax
  middleman-title
  nokogiri
  redcarpet
  s3_website

BUNDLED WITH
   2.1.4
