GIT
  remote: https://github.com/plasticine/middleman-imageoptim
  revision: a539caef0d2f9a23704ed36cf36c7945d2282c62
  specs:
    middleman-imageoptim (0.2.1)
      image_optim (~> 0.25.0)
      image_optim_pack (~> 0.2.1)
      middleman-cli
      middleman-core (>= 3.1)

GEM
  remote: https://rubygems.org/
  specs:
    activesupport (5.0.7)
      concurrent-ruby (~> 1.0, >= 1.0.2)
      i18n (>= 0.7, < 2)
      minitest (~> 5.1)
      tzinfo (~> 1.1)
    addressable (2.5.2)
      public_suffix (>= 2.0.2, < 4.0)
    awesome_print (1.8.0)
    aws-sdk (2.11.32)
      aws-sdk-resources (= 2.11.32)
    aws-sdk-core (2.11.32)
      aws-sigv4 (~> 1.0)
      jmespath (~> 1.0)
    aws-sdk-resources (2.11.32)
      aws-sdk-core (= 2.11.32)
    aws-sigv4 (1.0.2)
    backports (3.11.1)
    builder (3.2.3)
    childprocess (0.9.0)
      ffi (~> 1.0, >= 1.0.11)
    coderay (1.1.2)
    coffee-script (2.4.1)
      coffee-script-source
      execjs
    coffee-script-source (1.12.2)
    colored (1.2)
    compass-import-once (1.0.5)
      sass (>= 3.2, < 3.5)
    concurrent-ruby (1.0.5)
    configure-s3-website (2.3.0)
      aws-sdk (~> 2)
      deep_merge (~> 1.0.0)
    contracts (0.13.0)
    deep_merge (1.0.1)
    dotenv (1.0.2)
    em-websocket (0.5.1)
      eventmachine (>= 0.12.9)
      http_parser.rb (~> 0.6.0)
    erubis (2.7.0)
    eventmachine (1.2.5)
    execjs (2.7.0)
    exifr (1.3.3)
    fast_blank (1.0.0)
    fastimage (2.1.1)
    ffi (1.9.23)
    fspath (3.1.0)
    haml (5.0.4)
      temple (>= 0.8.0)
      tilt
    hamster (3.0.0)
      concurrent-ruby (~> 1.0)
    hashie (3.5.7)
    htmlcompressor (0.2.0)
    http_parser.rb (0.6.0)
    i18n (0.7.0)
    image_optim (0.25.0)
      exifr (~> 1.2, >= 1.2.2)
      fspath (~> 3.0)
      image_size (~> 1.5)
      in_threads (~> 1.3)
      progress (~> 3.0, >= 3.0.1)
    image_optim_pack (0.2.3)
      fspath (>= 2.1, < 4)
      image_optim (~> 0.19)
    image_size (1.5.0)
    in_threads (1.5.0)
    iniparse (1.4.4)
    jmespath (1.4.0)
    kramdown (1.16.2)
    listen (3.0.8)
      rb-fsevent (~> 0.9, >= 0.9.4)
      rb-inotify (~> 0.9, >= 0.9.7)
    memoist (0.16.0)
    method_source (0.9.0)
    middleman (4.2.1)
      coffee-script (~> 2.2)
      compass-import-once (= 1.0.5)
      haml (>= 4.0.5)
      kramdown (~> 1.2)
      middleman-cli (= 4.2.1)
      middleman-core (= 4.2.1)
      sass (>= 3.4.0, < 4.0)
    middleman-blog (4.0.2)
      addressable (~> 2.3)
      middleman-core (~> 4.0)
      tzinfo (>= 0.3.0)
    middleman-cli (4.2.1)
      thor (>= 0.17.0, < 2.0)
    middleman-core (4.2.1)
      activesupport (>= 4.2, < 5.1)
      addressable (~> 2.3)
      backports (~> 3.6)
      bundler (~> 1.1)
      contracts (~> 0.13.0)
      dotenv
      erubis
      execjs (~> 2.0)
      fast_blank
      fastimage (~> 2.0)
      hamster (~> 3.0)
      hashie (~> 3.4)
      i18n (~> 0.7.0)
      listen (~> 3.0.0)
      memoist (~> 0.14)
      padrino-helpers (~> 0.13.0)
      parallel
      rack (>= 1.4.5, < 3)
      sass (>= 3.4)
      servolux
      tilt (~> 2.0)
      uglifier (~> 3.0)
    middleman-livereload (3.4.6)
      em-websocket (~> 0.5.1)
      middleman-core (>= 3.3)
      rack-livereload (~> 0.3.15)
    middleman-minify-html (3.4.1)
      htmlcompressor (~> 0.2.0)
      middleman-core (>= 3.2)
    middleman-ogp (1.3.0)
      middleman-core (>= 3.2)
    middleman-pry (1.0.2)
      middleman (>= 3.3, < 5)
      pry (~> 0.9)
    middleman-search_engine_sitemap (1.4.0)
      builder
      middleman-core (~> 4.0)
    middleman-syntax (3.0.0)
      middleman-core (>= 3.2)
      rouge (~> 2.0)
    middleman-title (1.0.0)
      middleman-core (>= 4.0)
    mini_portile2 (2.3.0)
    minitest (5.11.3)
    nokogiri (1.8.2)
      mini_portile2 (~> 2.3.0)
    overcommit (0.44.0)
      childprocess (~> 0.6, >= 0.6.3)
      iniparse (~> 1.4)
    padrino-helpers (0.13.3.4)
      i18n (~> 0.6, >= 0.6.7)
      padrino-support (= 0.13.3.4)
      tilt (>= 1.4.1, < 3)
    padrino-support (0.13.3.4)
      activesupport (>= 3.1)
    parallel (1.12.1)
    progress (3.4.0)
    pry (0.11.3)
      coderay (~> 1.1.0)
      method_source (~> 0.9.0)
    public_suffix (3.0.2)
    rack (2.0.4)
    rack-livereload (0.3.17)
      rack
    rb-fsevent (0.10.3)
    rb-inotify (0.9.10)
      ffi (>= 0.5.0, < 2)
    redcarpet (3.4.0)
    rouge (2.2.1)
    s3_website (3.4.0)
      colored (= 1.2)
      configure-s3-website (= 2.3.0)
      dotenv (~> 1.0)
      thor (~> 0.18)
    sass (3.4.25)
    servolux (0.13.0)
    temple (0.8.0)
    thor (0.20.0)
    thread_safe (0.3.6)
    tilt (2.0.8)
    tzinfo (1.2.5)
      thread_safe (~> 0.1)
    uglifier (3.2.0)
      execjs (>= 0.3.0, < 3)

PLATFORMS
  ruby

DEPENDENCIES
  awesome_print
  builder
  dotenv
  middleman (~> 4.1)
  middleman-blog
  middleman-imageoptim!
  middleman-livereload
  middleman-minify-html
  middleman-ogp
  middleman-pry
  middleman-search_engine_sitemap
  middleman-syntax
  middleman-title
  nokogiri
  overcommit
  redcarpet
  s3_website

BUNDLED WITH
   1.16.0
